GEM
  remote: https://rubygems.org/
  specs:
    activesupport (6.0.3)
      concurrent-ruby (~> 1.0, >= 1.0.2)
      i18n (>= 0.7, < 2)
      minitest (~> 5.1)
      tzinfo (~> 1.1)
      zeitwerk (~> 2.2, >= 2.2.2)
    builder (3.2.4)
    concurrent-ruby (1.1.6)
    daemons (1.3.1)
    eventmachine (1.2.7)
    i18n (1.8.2)
      concurrent-ruby (~> 1.0)
    kramdown (2.2.1)
      rexml
    minitest (5.14.0)
    mustermann (1.1.1)
      ruby2_keywords (~> 0.0.1)
    r18n-core (4.0.0)
    rack (2.2.2)
    rack-cache (1.11.1)
      rack (>= 0.4)
    rack-protection (2.0.8.1)
      rack
    rexml (3.2.4)
    ruby2_keywords (0.0.2)
    sinatra (2.0.8.1)
      mustermann (~> 1.0)
      rack (~> 2.0)
      rack-protection (= 2.0.8.1)
      tilt (~> 2.0)
    sinatra-r18n (4.0.0)
      r18n-core (= 4.0.0)
      sinatra (>= 1.3, < 3)
    thin (1.7.2)
      daemons (~> 1.0, >= 1.0.9)
      eventmachine (~> 1.0, >= 1.0.4)
      rack (>= 1, < 3)
    thread_safe (0.3.6)
    tilt (2.0.10)
    tzinfo (1.2.7)
      thread_safe (~> 0.1)
    zeitwerk (2.3.0)

PLATFORMS
  ruby

DEPENDENCIES
  activesupport
  builder
  kramdown
  rack-cache
  sinatra
  sinatra-r18n
  thin

RUBY VERSION
   ruby 2.7.1p83

BUNDLED WITH
   2.1.4
